GEM
  remote: https://rubygems.org/
  specs:
    i18n (0.6.4)
    multi_json (1.7.3)
    rack (1.5.2)
    rack-protection (1.5.0)
      rack
    rake (0.9.2.2)
    shotgun (0.9)
      rack (>= 1.0)
    sinatra (1.4.2)
      rack (~> 1.5, >= 1.5.2)
      rack-protection (~> 1.4)
      tilt (~> 1.3, >= 1.3.4)
    slim (1.3.8)
      temple (~> 0.6.3)
      tilt (~> 1.3.3)
    temple (0.6.4)
    tilt (1.3.7)

PLATFORMS
  ruby

DEPENDENCIES
  i18n (= 0.6.4)
  multi_json (= 1.7.3)
  rake
  shotgun
  sinatra
  slim
